GEM
  remote: https://rubygems.org/
  specs:
    addressable (2.3.6)
    args_parser (0.2.0)
    buftok (0.2.0)
    equalizer (0.0.9)
    faraday (0.9.0)
      multipart-post (>= 1.2, < 3)
    hashie (1.2.0)
    http (0.6.2)
      http_parser.rb (~> 0.6.0)
    http_parser.rb (0.6.0)
    json (1.8.1)
    launchy (2.4.2)
      addressable (~> 2.3)
    memoizable (0.4.2)
      thread_safe (~> 0.3, >= 0.3.1)
    multipart-post (2.0.0)
    naught (1.0.0)
    oauth (0.4.7)
    parallel (1.3.1)
    rainbow (2.0.0)
    simple_oauth (0.2.0)
    thread_safe (0.3.4)
    tw (1.0.9)
      args_parser (>= 0.2.0)
      json (>= 1.7.0)
      launchy (>= 2.4.2)
      parallel (>= 0.9.1)
      rainbow (>= 2.0.0)
      twitter (>= 5.6.0)
      userstream (>= 1.2.0)
    twitter (5.11.0)
      addressable (~> 2.3)
      buftok (~> 0.2.0)
      equalizer (~> 0.0.9)
      faraday (~> 0.9.0)
      http (~> 0.6.0)
      http_parser.rb (~> 0.6.0)
      json (~> 1.8)
      memoizable (~> 0.4.0)
      naught (~> 1.0)
      simple_oauth (~> 0.2.0)
    userstream (1.4.0)
      hashie (~> 1.2.0)
      oauth (~> 0.4.7)
      yajl-ruby (~> 1.1.0)
    yajl-ruby (1.1.0)

PLATFORMS
  ruby

DEPENDENCIES
  tw
